GIT
  remote: git://github.com/jaswope/rack-reverse-proxy.git
  revision: 859f10df43d598bd36b4b10c192fcea056a477c0
  specs:
    rack-reverse-proxy (0.8.1)
      rack (>= 1.0.0)
      rack-proxy (~> 0.5)

GEM
  remote: https://rubygems.org/
  specs:
    foreman (0.78.0)
      thor (~> 0.19.1)
    rack (1.6.0)
    rack-proxy (0.5.17)
      rack
    thor (0.19.1)

PLATFORMS
  ruby

DEPENDENCIES
  foreman
  rack-reverse-proxy!
